GEM
  remote: https://rubygems.org/
  specs:
    ansi (1.5.0)
    ast (2.4.0)
    builder (3.2.4)
    guard-compat (1.2.1)
    guard-test (2.0.8)
      guard-compat (~> 1.2)
      test-unit (~> 3.0)
    jaro_winkler (1.5.2)
    minitest (5.14.4)
    minitest-reporters (1.4.3)
      ansi
      builder
      minitest (>= 5.0)
      ruby-progressbar
    parallel (1.14.0)
    parser (2.6.0.0)
      ast (~> 2.4.0)
    power_assert (2.0.1)
    powerpack (0.1.2)
    psych (3.1.0)
    rainbow (3.0.0)
    rake (13.0.6)
    rubocop (0.65.0)
      jaro_winkler (~> 1.5.1)
      parallel (~> 1.10)
      parser (>= 2.5, != 2.5.1.1)
      powerpack (~> 0.1)
      psych (>= 3.1.0)
      rainbow (>= 2.2.2, < 4.0)
      ruby-progressbar (~> 1.7)
      unicode-display_width (~> 1.4.0)
    ruby-progressbar (1.10.0)
    test-unit (3.5.0)
      power_assert
    unicode-display_width (1.4.1)

PLATFORMS
  ruby

DEPENDENCIES
  guard-test
  minitest
  minitest-reporters
  rake
  rubocop

BUNDLED WITH
   1.16.2
